PATH
  remote: .
  specs:
    e24paymentpipe (0.1.0)
      httparty (>= 0.6.1)
      rubyzip (>= 0.9.4)

GEM
  remote: https://rubygems.org/
  specs:
    diff-lcs (1.1.2)
    httparty (0.13.7)
      json (~> 1.8)
      multi_xml (>= 0.5.2)
    json (1.8.3)
    multi_xml (0.5.5)
    rspec (2.3.0)
      rspec-core (~> 2.3.0)
      rspec-expectations (~> 2.3.0)
      rspec-mocks (~> 2.3.0)
    rspec-core (2.3.0)
    rspec-expectations (2.3.0)
      diff-lcs (~> 1.1.2)
    rspec-mocks (2.3.0)
    rubyzip (1.2.0)

PLATFORMS
  ruby

DEPENDENCIES
  e24paymentpipe!
  rspec (>= 2.3.0)

BUNDLED WITH
   1.11.2
